GEM
  remote: https://rubygems.org/
  specs:
    dogstatsd-ruby (1.4.1)
    dotenv (1.0.2)
    foreman (0.76.0)
      dotenv (~> 1.0.2)
      thor (~> 0.19.1)
    mustermann (2.0.2)
      ruby2_keywords (~> 0.0.1)
    nio4r (2.5.8)
    puma (4.3.12)
      nio4r (~> 2.0)
    rack (2.2.6.2)
    rack-protection (2.2.3)
      rack
    ruby2_keywords (0.0.5)
    sinatra (2.2.3)
      mustermann (~> 2.0)
      rack (~> 2.2)
      rack-protection (= 2.2.3)
      tilt (~> 2.0)
    thor (0.19.1)
    tilt (2.0.11)

PLATFORMS
  ruby

DEPENDENCIES
  dogstatsd-ruby
  foreman
  puma
  sinatra

RUBY VERSION
   ruby 2.5.3p105

BUNDLED WITH
   1.16.2
