GEM
  remote: https://rubygems.org/
  specs:
    dogstatsd-ruby (1.4.1)
    dotenv (1.0.2)
    foreman (0.76.0)
      dotenv (~> 1.0.2)
      thor (~> 0.19.1)
    puma (2.10.2)
      rack (>= 1.1, < 2.0)
    rack (1.5.2)
    rack-protection (1.5.3)
      rack
    sinatra (1.4.5)
      rack (~> 1.4)
      rack-protection (~> 1.4)
      tilt (~> 1.3, >= 1.3.4)
    thor (0.19.1)
    tilt (1.4.1)

PLATFORMS
  ruby

DEPENDENCIES
  dogstatsd-ruby
  foreman
  puma
  sinatra

RUBY VERSION
   ruby 2.5.3p105

BUNDLED WITH
   1.16.2
